GEM
  remote: http://rubygems.org/
  specs:
    adsf (1.0.1)
      rack (>= 1.0.0)
    coderay (1.0.4)
    cri (2.0.2)
    exifr (1.1.1)
    kramdown (0.13.3)
    mime-types (1.17.2)
    nanoc (3.2.3)
      nanoc3 (>= 3.2.3)
    nanoc3 (3.2.3)
      cri (~> 2.0)
    nokogiri (1.5.0)
    rack (1.3.5)

PLATFORMS
  ruby

DEPENDENCIES
  adsf
  coderay
  exifr
  kramdown
  mime-types
  nanoc
  nokogiri
  rack
